PATH
  remote: .
  specs:
    hoosegow (1.2.6)
      activesupport (~> 5.2.3)
      docker-api (~> 1.19)
      msgpack (~> 1.0.0)
      yajl-ruby (~> 1.1, >= 1.1.0)

GEM
  remote: https://rubygems.org/
  specs:
    activesupport (5.2.3)
      concurrent-ruby (~> 1.0, >= 1.0.2)
      i18n (>= 0.7, < 2)
      minitest (~> 5.1)
      tzinfo (~> 1.1)
    concurrent-ruby (1.1.5)
    diff-lcs (1.2.5)
    docker-api (1.34.2)
      excon (>= 0.47.0)
      multi_json
    excon (0.66.0)
    i18n (1.6.0)
      concurrent-ruby (~> 1.0)
    minitest (5.11.3)
    msgpack (1.0.3)
    multi_json (1.13.1)
    rake (11.2.2)
    rspec (2.99.0)
      rspec-core (~> 2.99.0)
      rspec-expectations (~> 2.99.0)
      rspec-mocks (~> 2.99.0)
    rspec-core (2.99.2)
    rspec-expectations (2.99.2)
      diff-lcs (>= 1.1.3, < 2.0)
    rspec-mocks (2.99.4)
    thread_safe (0.3.6)
    tzinfo (1.2.5)
      thread_safe (~> 0.1)
    yajl-ruby (1.4.1)

PLATFORMS
  ruby

DEPENDENCIES
  hoosegow!
  rake
  rspec (~> 2.14, >= 2.14.1)

BUNDLED WITH
   1.16.1
