PATH
  remote: .
  specs:
    hoosegow (1.2.7)
      docker-api (~> 1.19)
      msgpack (~> 1.0.0)
      yajl-ruby (~> 1.1, >= 1.1.0)

GEM
  remote: https://rubygems.org/
  specs:
    diff-lcs (1.3)
    docker-api (1.34.2)
      excon (>= 0.47.0)
      multi_json
    excon (0.72.0)
    msgpack (1.0.3)
    multi_json (1.13.1)
    rake (12.3.3)
    rspec (3.9.0)
      rspec-core (~> 3.9.0)
      rspec-expectations (~> 3.9.0)
      rspec-mocks (~> 3.9.0)
    rspec-core (3.9.1)
      rspec-support (~> 3.9.1)
    rspec-expectations (3.9.0)
      diff-lcs (>= 1.2.0, < 2.0)
      rspec-support (~> 3.9.0)
    rspec-mocks (3.9.1)
      diff-lcs (>= 1.2.0, < 2.0)
      rspec-support (~> 3.9.0)
    rspec-support (3.9.2)
    yajl-ruby (1.4.1)

PLATFORMS
  ruby

DEPENDENCIES
  hoosegow!
  rake
  rspec (~> 3.9.0)

BUNDLED WITH
   1.16.1
